PATH
  remote: .
  specs:
    steppe (0.1.0)
      mime-types (>= 3.0)
      mustermann
      plumb
      rack (>= 3.0)

PATH
  remote: /Users/ismasan/code/personal/gems/plumb
  specs:
    plumb (0.0.6)
      bigdecimal
      concurrent-ruby

GEM
  remote: https://rubygems.org/
  specs:
    bigdecimal (3.1.8)
    concurrent-ruby (1.3.4)
    debug (1.9.2)
      irb (~> 1.10)
      reline (>= 0.3.8)
    diff-lcs (1.5.1)
    io-console (0.7.2)
    irb (1.14.0)
      rdoc (>= 4.0.0)
      reline (>= 0.4.2)
    mime-types (3.5.2)
      mime-types-data (~> 3.2015)
    mime-types-data (3.2024.0903)
    mustermann (3.0.3)
      ruby2_keywords (~> 0.0.1)
    psych (5.1.2)
      stringio
    rack (3.1.7)
    rack-test (2.1.0)
      rack (>= 1.3)
    rake (13.2.1)
    rdoc (6.7.0)
      psych (>= 4.0.0)
    reline (0.5.10)
      io-console (~> 0.5)
    rspec (3.13.0)
      rspec-core (~> 3.13.0)
      rspec-expectations (~> 3.13.0)
      rspec-mocks (~> 3.13.0)
    rspec-core (3.13.0)
      rspec-support (~> 3.13.0)
    rspec-expectations (3.13.1)
      diff-lcs (>= 1.2.0, < 2.0)
      rspec-support (~> 3.13.0)
    rspec-mocks (3.13.1)
      diff-lcs (>= 1.2.0, < 2.0)
      rspec-support (~> 3.13.0)
    rspec-support (3.13.1)
    ruby2_keywords (0.0.5)
    stringio (3.1.1)

PLATFORMS
  arm64-darwin-23
  ruby

DEPENDENCIES
  debug
  plumb!
  rack-test (>= 2.1)
  rake (~> 13.0)
  rspec (~> 3.0)
  steppe!

BUNDLED WITH
   2.5.11
